GEM
  remote: https://rubygems.org/
  specs:
    c66-copper (0.0.2)
      colorize (~> 0.8)
      ipaddress (~> 0.8)
      json (~> 2.1)
      jsonpath (~> 0.8)
      semantic (~> 1.6)
      thor (~> 0.20)
      treetop (~> 1.6)
    colorize (0.8.1)
    ipaddress (0.8.3)
    json (2.1.0)
    jsonpath (0.8.11)
      multi_json
      to_regexp (~> 0.2.1)
    multi_json (1.13.1)
    polyglot (0.3.5)
    semantic (1.6.1)
    thor (0.20.0)
    to_regexp (0.2.1)
    treetop (1.6.10)
      polyglot (~> 0.3)

PLATFORMS
  ruby

DEPENDENCIES
  c66-copper (= 0.0.2)

BUNDLED WITH
   1.16.1
